PATH
  remote: .
  specs:
    payex (0.2.1)
      httpclient (~> 2.2)
      nori (~> 1.1)
      savon (~> 1.1)

GEM
  remote: http://rubygems.org/
  specs:
    akami (1.2.0)
      gyoku (>= 0.4.0)
      nokogiri (>= 1.4.0)
    builder (3.1.3)
    diff-lcs (1.1.3)
    guard (1.3.3)
      listen (>= 0.4.2)
      thor (>= 0.14.6)
    guard-bundler (1.0.0)
      bundler (~> 1.0)
      guard (~> 1.1)
    guard-rspec (1.2.1)
      guard (>= 1.1)
    gyoku (0.4.6)
      builder (>= 2.1.2)
    httpclient (2.3.0.1)
    httpi (1.1.1)
      rack
    listen (0.5.2)
    nokogiri (1.5.5)
    nori (1.1.3)
    rack (1.4.1)
    rb-fsevent (0.9.2)
    rspec (2.11.0)
      rspec-core (~> 2.11.0)
      rspec-expectations (~> 2.11.0)
      rspec-mocks (~> 2.11.0)
    rspec-core (2.11.1)
    rspec-expectations (2.11.3)
      diff-lcs (~> 1.1.3)
    rspec-mocks (2.11.3)
    savon (1.2.0)
      akami (~> 1.2.0)
      builder (>= 2.1.2)
      gyoku (~> 0.4.5)
      httpi (~> 1.1.0)
      nokogiri (>= 1.4.0)
      nori (~> 1.1.0)
      wasabi (~> 2.5.0)
    savon_spec (1.3.0)
      rspec (>= 2.0.0)
      savon (~> 1.0)
    terminal-notifier-guard (1.5.3)
    thor (0.16.0)
    wasabi (2.5.1)
      httpi (~> 1.0)
      nokogiri (>= 1.4.0)

PLATFORMS
  ruby

DEPENDENCIES
  guard (~> 1.3)
  guard-bundler (~> 1.0)
  guard-rspec (~> 1.2)
  payex!
  rb-fsevent (~> 0.9)
  rspec (~> 2.11)
  savon_spec (~> 1.3)
  terminal-notifier-guard (~> 1.5)
